GEM
  remote: http://rubygems.org/
  specs:
    json (1.7.5)
    thor (0.16.0)

PLATFORMS
  ruby

DEPENDENCIES
  json
  thor
